GEM
  remote: http://rubygems.org/
  specs:
    CFPropertyList (2.2.8)
    diff-lcs (1.2.5)
    facter (2.1.0)
      CFPropertyList (~> 2.2.6)
    hiera (1.3.4)
      json_pure
    iconv (1.0.4)
    json_pure (1.8.1)
    kwalify (0.7.2)
    metaclass (0.0.4)
    mocha (1.1.0)
      metaclass (~> 0.0.1)
    puppet (3.6.2)
      facter (> 1.6, < 3)
      hiera (~> 1.0)
      json_pure
      rgen (~> 0.6.5)
    puppet-lint (0.3.2)
    puppetlabs_spec_helper (0.7.0)
      mocha
      puppet-lint
      rake
      rspec
      rspec-puppet
    rake (0.9.6)
    rgen (0.6.6)
    rspec (3.0.0)
      rspec-core (~> 3.0.0)
      rspec-expectations (~> 3.0.0)
      rspec-mocks (~> 3.0.0)
    rspec-core (3.0.3)
      rspec-support (~> 3.0.0)
    rspec-expectations (3.0.3)
      diff-lcs (>= 1.2.0, < 2.0)
      rspec-support (~> 3.0.0)
    rspec-mocks (3.0.3)
      rspec-support (~> 3.0.0)
    rspec-puppet (1.0.1)
      rspec
    rspec-support (3.0.3)

PLATFORMS
  ruby

DEPENDENCIES
  iconv (~> 1.0.4)
  kwalify (~> 0.7.2)
  mocha (~> 1.1.0)
  puppet (~> 3.6.2)
  puppet-lint (~> 0.3.2)
  puppetlabs_spec_helper (~> 0.7.0)
  rake (~> 0.9.2)
  rspec (~> 3.0.0)
  rspec-puppet (~> 1.0.1)
